GEM
  remote: https://rubygems.org/
  specs:
    actioncable (7.1.0.beta1)
      actionpack (= 7.1.0.beta1)
      activesupport (= 7.1.0.beta1)
      nio4r (~> 2.0)
      websocket-driver (>= 0.6.1)
      zeitwerk (~> 2.6)
    actionmailbox (7.1.0.beta1)
      actionpack (= 7.1.0.beta1)
      activejob (= 7.1.0.beta1)
      activerecord (= 7.1.0.beta1)
      activestorage (= 7.1.0.beta1)
      activesupport (= 7.1.0.beta1)
      mail (>= 2.7.1)
      net-imap
      net-pop
      net-smtp
    actionmailer (7.1.0.beta1)
      actionpack (= 7.1.0.beta1)
      actionview (= 7.1.0.beta1)
      activejob (= 7.1.0.beta1)
      activesupport (= 7.1.0.beta1)
      mail (~> 2.5, >= 2.5.4)
      net-imap
      net-pop
      net-smtp
      rails-dom-testing (~> 2.2)
    actionpack (7.1.0.beta1)
      actionview (= 7.1.0.beta1)
      activesupport (= 7.1.0.beta1)
      nokogiri (>= 1.8.5)
      rack (>= 2.2.4)
      rack-session (>= 1.0.1)
      rack-test (>= 0.6.3)
      rails-dom-testing (~> 2.2)
      rails-html-sanitizer (~> 1.6)
    actiontext (7.1.0.beta1)
      actionpack (= 7.1.0.beta1)
      activerecord (= 7.1.0.beta1)
      activestorage (= 7.1.0.beta1)
      activesupport (= 7.1.0.beta1)
      globalid (>= 0.6.0)
      nokogiri (>= 1.8.5)
    actionview (7.1.0.beta1)
      activesupport (= 7.1.0.beta1)
      builder (~> 3.1)
      erubi (~> 1.11)
      rails-dom-testing (~> 2.2)
      rails-html-sanitizer (~> 1.6)
    activejob (7.1.0.beta1)
      activesupport (= 7.1.0.beta1)
      globalid (>= 0.3.6)
    activemodel (7.1.0.beta1)
      activesupport (= 7.1.0.beta1)
    activerecord (7.1.0.beta1)
      activemodel (= 7.1.0.beta1)
      activesupport (= 7.1.0.beta1)
      timeout (>= 0.4.0)
    activestorage (7.1.0.beta1)
      actionpack (= 7.1.0.beta1)
      activejob (= 7.1.0.beta1)
      activerecord (= 7.1.0.beta1)
      activesupport (= 7.1.0.beta1)
      marcel (~> 1.0)
    activesupport (7.1.0.beta1)
      base64
      bigdecimal
      concurrent-ruby (~> 1.0, >= 1.0.2)
      connection_pool (>= 2.2.5)
      drb
      i18n (>= 1.6, < 2)
      minitest (>= 5.1)
      mutex_m
      tzinfo (~> 2.0)
    addressable (2.8.5)
      public_suffix (>= 2.0.2, < 6.0)
    ast (2.4.2)
    base64 (0.1.1)
    bcrypt (3.1.19)
    bigdecimal (3.1.4)
    bindex (0.8.1)
    bootsnap (1.16.0)
      msgpack (~> 1.2)
    brakeman (6.0.1)
    builder (3.2.4)
    bundler-audit (0.9.1)
      bundler (>= 1.2.0, < 3)
      thor (~> 1.0)
    capybara (3.39.2)
      addressable
      matrix
      mini_mime (>= 0.1.3)
      nokogiri (~> 1.8)
      rack (>= 1.6.0)
      rack-test (>= 0.6.3)
      regexp_parser (>= 1.5, < 3.0)
      xpath (~> 3.2)
    concurrent-ruby (1.2.2)
    connection_pool (2.4.1)
    crass (1.0.6)
    cssbundling-rails (1.3.3)
      railties (>= 6.0.0)
    date (3.3.3)
    debug (1.8.0)
      irb (>= 1.5.0)
      reline (>= 0.3.1)
    devise (4.9.2)
      bcrypt (~> 3.0)
      orm_adapter (~> 0.1)
      railties (>= 4.1.0)
      responders
      warden (~> 1.2.3)
    docile (1.4.0)
    drb (2.1.1)
      ruby2_keywords
    error_highlight (0.5.1)
    erubi (1.12.0)
    factory_bot (6.2.1)
      activesupport (>= 5.0.0)
    factory_bot_rails (6.2.0)
      factory_bot (~> 6.2.0)
      railties (>= 5.0.0)
    faker (3.2.1)
      i18n (>= 1.8.11, < 2)
    globalid (1.2.1)
      activesupport (>= 6.1)
    i18n (1.14.1)
      concurrent-ruby (~> 1.0)
    io-console (0.6.0)
    irb (1.8.1)
      rdoc
      reline (>= 0.3.8)
    jbuilder (2.11.5)
      actionview (>= 5.0.0)
      activesupport (>= 5.0.0)
    jsbundling-rails (1.2.1)
      railties (>= 6.0.0)
    json (2.6.3)
    language_server-protocol (3.17.0.3)
    loofah (2.21.3)
      crass (~> 1.0.2)
      nokogiri (>= 1.12.0)
    mail (2.8.1)
      mini_mime (>= 0.1.1)
      net-imap
      net-pop
      net-smtp
    marcel (1.0.2)
    matrix (0.4.2)
    mini_mime (1.1.5)
    minitest (5.20.0)
    msgpack (1.7.2)
    mutex_m (0.1.2)
    net-imap (0.3.7)
      date
      net-protocol
    net-pop (0.1.2)
      net-protocol
    net-protocol (0.2.1)
      timeout
    net-smtp (0.3.3)
      net-protocol
    nio4r (2.5.9)
    nokogiri (1.15.4-x86_64-linux)
      racc (~> 1.4)
    orm_adapter (0.5.0)
    parallel (1.23.0)
    parser (3.2.2.3)
      ast (~> 2.4.1)
      racc
    pg (1.5.4)
    psych (5.1.0)
      stringio
    public_suffix (5.0.3)
    puma (6.3.1)
      nio4r (~> 2.0)
    racc (1.7.1)
    rack (3.0.8)
    rack-session (2.0.0)
      rack (>= 3.0.0)
    rack-test (2.1.0)
      rack (>= 1.3)
    rackup (2.1.0)
      rack (>= 3)
      webrick (~> 1.8)
    rails (7.1.0.beta1)
      actioncable (= 7.1.0.beta1)
      actionmailbox (= 7.1.0.beta1)
      actionmailer (= 7.1.0.beta1)
      actionpack (= 7.1.0.beta1)
      actiontext (= 7.1.0.beta1)
      actionview (= 7.1.0.beta1)
      activejob (= 7.1.0.beta1)
      activemodel (= 7.1.0.beta1)
      activerecord (= 7.1.0.beta1)
      activestorage (= 7.1.0.beta1)
      activesupport (= 7.1.0.beta1)
      bundler (>= 1.15.0)
      railties (= 7.1.0.beta1)
    rails-dom-testing (2.2.0)
      activesupport (>= 5.0.0)
      minitest
      nokogiri (>= 1.6)
    rails-html-sanitizer (1.6.0)
      loofah (~> 2.21)
      nokogiri (~> 1.14)
    railties (7.1.0.beta1)
      actionpack (= 7.1.0.beta1)
      activesupport (= 7.1.0.beta1)
      irb
      rackup (>= 1.0.0)
      rake (>= 12.2)
      thor (~> 1.0, >= 1.2.2)
      zeitwerk (~> 2.6)
    rainbow (3.1.1)
    rake (13.0.6)
    rdoc (6.5.0)
      psych (>= 4.0.0)
    redis (5.0.7)
      redis-client (>= 0.9.0)
    redis-client (0.17.0)
      connection_pool
    regexp_parser (2.8.1)
    reline (0.3.8)
      io-console (~> 0.5)
    responders (3.1.0)
      actionpack (>= 5.2)
      railties (>= 5.2)
    rexml (3.2.6)
    rubocop (1.56.3)
      base64 (~> 0.1.1)
      json (~> 2.3)
      language_server-protocol (>= 3.17.0)
      parallel (~> 1.10)
      parser (>= 3.2.2.3)
      rainbow (>= 2.2.2, < 4.0)
      regexp_parser (>= 1.8, < 3.0)
      rexml (>= 3.2.5, < 4.0)
      rubocop-ast (>= 1.28.1, < 2.0)
      ruby-progressbar (~> 1.7)
      unicode-display_width (>= 2.4.0, < 3.0)
    rubocop-ast (1.29.0)
      parser (>= 3.2.1.0)
    rubocop-rails (2.21.1)
      activesupport (>= 4.2.0)
      rack (>= 1.1)
      rubocop (>= 1.33.0, < 2.0)
    ruby-progressbar (1.13.0)
    ruby2_keywords (0.0.5)
    rubyzip (2.3.2)
    selenium-webdriver (4.12.0)
      rexml (~> 3.2, >= 3.2.5)
      rubyzip (>= 1.2.2, < 3.0)
      websocket (~> 1.0)
    simple_form (5.2.0)
      actionpack (>= 5.2)
      activemodel (>= 5.2)
    simplecov (0.22.0)
      docile (~> 1.1)
      simplecov-html (~> 0.11)
      simplecov_json_formatter (~> 0.1)
    simplecov-html (0.12.3)
    simplecov_json_formatter (0.1.4)
    sprockets (4.2.1)
      concurrent-ruby (~> 1.0)
      rack (>= 2.2.4, < 4)
    sprockets-rails (3.4.2)
      actionpack (>= 5.2)
      activesupport (>= 5.2)
      sprockets (>= 3.0.0)
    stimulus-rails (1.2.2)
      railties (>= 6.0.0)
    stringio (3.0.8)
    thor (1.2.2)
    timeout (0.4.0)
    turbo-rails (1.4.0)
      actionpack (>= 6.0.0)
      activejob (>= 6.0.0)
      railties (>= 6.0.0)
    tzinfo (2.0.6)
      concurrent-ruby (~> 1.0)
    unicode-display_width (2.4.2)
    warden (1.2.9)
      rack (>= 2.0.9)
    web-console (4.2.1)
      actionview (>= 6.0.0)
      activemodel (>= 6.0.0)
      bindex (>= 0.4.0)
      railties (>= 6.0.0)
    webdrivers (5.2.0)
      nokogiri (~> 1.6)
      rubyzip (>= 1.3.0)
      selenium-webdriver (~> 4.0)
    webrick (1.8.1)
    websocket (1.2.9)
    websocket-driver (0.7.6)
      websocket-extensions (>= 0.1.0)
    websocket-extensions (0.1.5)
    xpath (3.2.0)
      nokogiri (~> 1.8)
    zeitwerk (2.6.11)

PLATFORMS
  x86_64-linux

DEPENDENCIES
  bootsnap
  brakeman
  bundler-audit
  capybara
  cssbundling-rails
  debug
  devise (~> 4.9)
  error_highlight (>= 0.4.0)
  factory_bot_rails
  faker
  jbuilder
  jsbundling-rails
  pg (~> 1.1)
  puma (>= 5.0)
  rails (~> 7.1.0.beta1)
  redis (>= 4.0.1)
  rubocop-rails
  selenium-webdriver
  simple_form (~> 5.2)
  simplecov
  sprockets-rails
  stimulus-rails
  turbo-rails
  tzinfo-data
  web-console
  webdrivers

RUBY VERSION
   ruby 3.2.0p0

BUNDLED WITH
   2.4.19
